GEM
  remote: https://rubygems.org/
  specs:
    RedCloth (4.3.2)
    addressable (2.8.7)
      public_suffix (>= 2.0.2, < 7.0)
    bigdecimal (3.1.8)
    colorator (1.1.0)
    colored (1.2)
    commonjs (0.2.7)
    concurrent-ruby (1.3.4)
    em-websocket (0.5.3)
      eventmachine (>= 0.12.9)
      http_parser.rb (~> 0)
    ethon (0.12.0)
      ffi (>= 1.3.0)
    eventmachine (1.2.7)
    execjs (2.7.0)
    ffi (1.17.0)
    ffi-icu (0.2.0)
      ffi (~> 1.0, >= 1.0.9)
    forwardable-extended (2.6.0)
    google-protobuf (4.28.3)
      bigdecimal
      rake (>= 13)
    html-proofer (2.1.0)
      addressable (~> 2.3)
      colored (~> 1.2)
      mercenary (~> 0.3.2)
      nokogiri (~> 1.5)
      parallel (~> 1.3)
      typhoeus (~> 0.7)
      yell (~> 2.0)
    http_parser.rb (0.8.0)
    i18n (1.14.6)
      concurrent-ruby (~> 1.0)
    jekyll (4.3.4)
      addressable (~> 2.4)
      colorator (~> 1.0)
      em-websocket (~> 0.5)
      i18n (~> 1.0)
      jekyll-sass-converter (>= 2.0, < 4.0)
      jekyll-watch (~> 2.0)
      kramdown (~> 2.3, >= 2.3.1)
      kramdown-parser-gfm (~> 1.0)
      liquid (~> 4.0)
      mercenary (>= 0.3.6, < 0.5)
      pathutil (~> 0.9)
      rouge (>= 3.0, < 5.0)
      safe_yaml (~> 1.0)
      terminal-table (>= 1.8, < 4.0)
      webrick (~> 1.7)
    jekyll-sass-converter (3.0.0)
      sass-embedded (~> 1.54)
    jekyll-watch (2.2.1)
      listen (~> 3.0)
    jshintrb (0.3.0)
      execjs
      multi_json (>= 1.3)
      rake
    json (2.3.0)
    json-schema (2.8.1)
      addressable (>= 2.4)
    kramdown (2.4.0)
      rexml
    kramdown-parser-gfm (1.1.0)
      kramdown (~> 2.0)
    less (2.4.0)
      commonjs (~> 0.2.7)
    libv8 (3.16.14.19)
    liquid (4.0.4)
    listen (3.9.0)
      rb-fsevent (~> 0.10, >= 0.10.3)
      rb-inotify (~> 0.9, >= 0.9.10)
    mercenary (0.3.6)
    mini_portile2 (2.6.1)
    multi_json (1.14.1)
    nokogiri (1.12.5)
      mini_portile2 (~> 2.6.1)
      racc (~> 1.4)
    parallel (1.19.1)
    pathutil (0.16.2)
      forwardable-extended (~> 2.6)
    public_suffix (6.0.1)
    racc (1.5.2)
    rake (13.0.1)
    rb-fsevent (0.11.2)
    rb-inotify (0.11.1)
      ffi (~> 1.0)
    ref (2.0.0)
    rexml (3.3.9)
    rouge (4.4.0)
    safe_yaml (1.0.5)
    sass-embedded (1.80.4)
      google-protobuf (~> 4.28)
      rake (>= 13)
    terminal-table (3.0.2)
      unicode-display_width (>= 1.1.1, < 3)
    therubyracer (0.12.3)
      libv8 (~> 3.16.14.15)
      ref
    typhoeus (0.8.0)
      ethon (>= 0.8.0)
    unicode-display_width (2.6.0)
    webrick (1.8.2)
    yell (2.2.2)

PLATFORMS
  ruby

DEPENDENCIES
  RedCloth (>= 4.3.0)
  ffi-icu
  html-proofer (= 2.1.0)
  jekyll (~> 4.0)
  jshintrb (~> 0.3.0)
  json (>= 1.9)
  json-schema
  kramdown (~> 2.3)
  less (= 2.4.0)
  safe_yaml
  therubyracer

RUBY VERSION
   ruby 2.5.8p224

BUNDLED WITH
   1.17.3
